GEM
  remote: http://rubygems.org/
  specs:
    stringex (1.2.1)

PLATFORMS
  ruby

DEPENDENCIES
  stringex (= 1.2.1)
